GEM
  remote: https://rubygems.org/
  specs:
    motion-firebase (2.0.1)
    rake (10.1.1)

PLATFORMS
  ruby

DEPENDENCIES
  motion-firebase
  rake
