GEM
  remote: https://rubygems.org/
  specs:
    bubble-wrap (1.4.0)
    motion-firebase (2.0.1)
    rake (10.1.1)

PLATFORMS
  ruby

DEPENDENCIES
  bubble-wrap
  motion-firebase
  rake
